PATH
  remote: .
  specs:
    openssl-signature_algorithm (1.2.1)
      openssl (> 2.0)

GEM
  remote: https://rubygems.org/
  specs:
    appraisal (2.2.0)
      bundler
      rake
      thor (>= 0.14.0)
    ast (2.4.0)
    byebug (11.1.1)
    diff-lcs (1.3)
    ed25519 (1.2.4)
    jaro_winkler (1.5.4)
    openssl (3.0.0)
    parallel (1.19.1)
    parser (2.7.0.5)
      ast (~> 2.4.0)
    rainbow (3.0.0)
    rake (13.0.1)
    rexml (3.2.4)
    rspec (3.9.0)
      rspec-core (~> 3.9.0)
      rspec-expectations (~> 3.9.0)
      rspec-mocks (~> 3.9.0)
    rspec-core (3.9.1)
      rspec-support (~> 3.9.1)
    rspec-expectations (3.9.1)
      diff-lcs (>= 1.2.0, < 2.0)
      rspec-support (~> 3.9.0)
    rspec-mocks (3.9.1)
      diff-lcs (>= 1.2.0, < 2.0)
      rspec-support (~> 3.9.0)
    rspec-support (3.9.2)
    rubocop (0.80.1)
      jaro_winkler (~> 1.5.1)
      parallel (~> 1.10)
      parser (>= 2.7.0.1)
      rainbow (>= 2.2.2, < 4.0)
      rexml
      ruby-progressbar (~> 1.7)
      unicode-display_width (>= 1.4.0, < 1.7)
    ruby-progressbar (1.10.1)
    thor (1.0.1)
    unicode-display_width (1.6.1)

PLATFORMS
  ruby

DEPENDENCIES
  appraisal (~> 2.2)
  byebug (~> 11.0)
  ed25519 (~> 1.2)
  openssl-signature_algorithm!
  rake (~> 13.0)
  rspec (~> 3.0)
  rubocop (~> 0.80.1)

BUNDLED WITH
   2.3.26
